PATH
  remote: .
  specs:
    yopass (2.2.2)
      encryptor (~> 1.3)
      memcached (~> 1.8)
      rack (~> 1.5, < 1.6)
      sinatra (~> 1.4)

GEM
  remote: http://rubygems.org/
  specs:
    backports (3.6.4)
    diff-lcs (1.2.5)
    encryptor (1.3.0)
    memcached (1.8.0)
    multi_json (1.10.1)
    rack (1.5.2)
    rack-protection (1.5.3)
      rack
    rack-test (0.6.3)
      rack (>= 1.0)
    rake (10.4.2)
    rspec (3.1.0)
      rspec-core (~> 3.1.0)
      rspec-expectations (~> 3.1.0)
      rspec-mocks (~> 3.1.0)
    rspec-core (3.1.7)
      rspec-support (~> 3.1.0)
    rspec-expectations (3.1.2)
      diff-lcs (>= 1.2.0, < 2.0)
      rspec-support (~> 3.1.0)
    rspec-mocks (3.1.3)
      rspec-support (~> 3.1.0)
    rspec-support (3.1.2)
    sinatra (1.4.5)
      rack (~> 1.4)
      rack-protection (~> 1.4)
      tilt (~> 1.3, >= 1.3.4)
    sinatra-contrib (1.4.2)
      backports (>= 2.0)
      multi_json
      rack-protection
      rack-test
      sinatra (~> 1.4.0)
      tilt (~> 1.3)
    tilt (1.4.1)

PLATFORMS
  ruby

DEPENDENCIES
  encryptor (~> 1.3)
  memcached (~> 1.8)
  rack (~> 1.5)
  rake (~> 10.4)
  rspec (~> 3.0)
  sinatra (~> 1.4)
  sinatra-contrib (~> 1.4)
  yopass!
